GIT
  remote: git://github.com/rails/arel.git
  revision: 082a81aa2db7859697115c3d1a23ff91fcfa5c6a
  specs:
    arel (1.0.1)

GIT
  remote: git://github.com/rails/rails.git
  revision: 1da0dc2f906bbf6c248a33f8d18662fd1494cfba
  specs:
    actionmailer (3.1.0.beta)
      actionpack (= 3.1.0.beta)
      mail (~> 2.2.6)
    actionpack (3.1.0.beta)
      activemodel (= 3.1.0.beta)
      activesupport (= 3.1.0.beta)
      builder (~> 2.1.2)
      erubis (~> 2.6.6)
      i18n (~> 0.4.1)
      rack (~> 1.2.1)
      rack-cache (~> 0.5.2)
      rack-cache-purge (~> 0.0.1)
      rack-mount (~> 0.6.13)
      rack-test (~> 0.5.5)
      tzinfo (~> 0.3.23)
    activemodel (3.1.0.beta)
      activesupport (= 3.1.0.beta)
      builder (~> 2.1.2)
      i18n (~> 0.4.1)
    activerecord (3.1.0.beta)
      activemodel (= 3.1.0.beta)
      activesupport (= 3.1.0.beta)
      arel (~> 1.0.1)
      tzinfo (~> 0.3.23)
    activeresource (3.1.0.beta)
      activemodel (= 3.1.0.beta)
      activesupport (= 3.1.0.beta)
    activesupport (3.1.0.beta)
    rails (3.1.0.beta)
      actionmailer (= 3.1.0.beta)
      actionpack (= 3.1.0.beta)
      activerecord (= 3.1.0.beta)
      activeresource (= 3.1.0.beta)
      activesupport (= 3.1.0.beta)
      bundler (~> 1.0.0)
      railties (= 3.1.0.beta)
    railties (3.1.0.beta)
      actionpack (= 3.1.0.beta)
      activesupport (= 3.1.0.beta)
      rake (>= 0.8.4)
      thor (~> 0.14.0)

GEM
  remote: http://rubygems.org/
  specs:
    abstract (1.0.0)
    builder (2.1.2)
    erubis (2.6.6)
      abstract (>= 1.0.0)
    i18n (0.4.1)
    mail (2.2.6.1)
      activesupport (>= 2.3.6)
      mime-types
      treetop (>= 1.4.5)
    mime-types (1.16)
    polyglot (0.3.1)
    rack (1.2.1)
    rack-cache (0.5.3)
      rack (>= 0.4)
    rack-cache-purge (0.0.1)
      rack-cache (~> 0.5)
    rack-mount (0.6.13)
      rack (>= 1.0.0)
    rack-test (0.5.5)
      rack (>= 1.0)
    rake (0.8.7)
    sqlite3-ruby (1.3.1)
    thor (0.14.1)
    treetop (1.4.8)
      polyglot (>= 0.3.1)
    tzinfo (0.3.23)

PLATFORMS
  ruby

DEPENDENCIES
  arel!
  rails!
  sqlite3-ruby
